GEM
  remote: http://rubygems.org/
  specs:
    activesupport (3.0.0)
    mail (2.2.6.1)
      activesupport (>= 2.3.6)
      mime-types
      treetop (>= 1.4.5)
    mime-types (1.16)
    polyglot (0.3.1)
    rack (1.2.1)
    sinatra (1.0)
      rack (>= 1.0)
    treetop (1.4.8)
      polyglot (>= 0.3.1)

PLATFORMS
  ruby

DEPENDENCIES
  mail (~> 2.2.6.1)
  sinatra (~> 1.0)
